GIT
  remote: https://github.com/cloudamqp/newrelic_plugin.git
  revision: 0bf8a4f5b810fab9c4ec69613e21bee31f375f80
  branch: master
  specs:
    newrelic_plugin (1.3.1)
      json

GEM
  remote: http://rubygems.org/
  specs:
    daemons (1.2.5)
    faraday (0.13.1)
      multipart-post (>= 1.2, < 3)
    faraday_middleware (0.12.2)
      faraday (>= 0.7.4, < 1.0)
    json (2.1.0)
    multipart-post (2.0.0)
    rabbitmq_manager (0.1.0)
      faraday
      faraday_middleware
    redis (3.3.5)

PLATFORMS
  ruby

DEPENDENCIES
  daemons
  newrelic_plugin!
  rabbitmq_manager (~> 0.1.0)
  redis (< 4.0.0)

BUNDLED WITH
   1.15.4
